{"ConversionSoftware": "dicm2nii.m 20180116",
"SeriesNumber": 3,
"SeriesDescription": "TR1.5_282Vol_startLip",
"ImageType": "ORIGINAL\\PRIMARY\\M\\ND\\NORM\\MOSAIC",
"Modality": "MR",
"AcquisitionDateTime": "20170423084942.740000",
"TotalReadoutTime": 0.016695075,
"SliceTiming": [0,
0.0575,
0.115,
0.1725,
0.23,
0.285,
0.3425,
0.4,
0.4575,
0.5125,
0.57,
0.6275,
0.685,
0.74,
0.7975,
0.855,
0.9125,
0.9675,
1.025,
1.0825,
1.14,
1.1975,
1.2525,
1.31,
1.3675,
1.425],
"RepetitionTime": 1.5,
"PhaseEncodingDirection": "j-",
"EffectiveEchoSpacing": 0.00026500119,
"EchoTime": 0.027,
"PatientName": "sub-04",
"PatientSex": "M",
"PatientAge": "022Y",
"PatientSize": 1.76,
"PatientWeight": 73,
"PatientPosition": "HFS",
"SliceThickness": 4,
"FlipAngle": 90,
"Manufacturer": "SIEMENS",
"SoftwareVersion": "syngo MR D13",
"MRAcquisitionType": "2D",
"InstitutionName": "Hebrew University",
"DeviceSerialNumber": "45343",
"ScanningSequence": "EP",
"SequenceVariant": "SK",
"ScanOptions": "FS",
"SequenceName": "*epfid2d1_64",
"TaskName": "StartLip",
"InstitutionAddress": "Jerusalem_Israel"}