{"ConversionSoftware": "dicm2nii.m 20180116",
"SeriesNumber": 3,
"SeriesDescription": "TR1.5_282Vol_startLip",
"ImageType": "ORIGINAL\\PRIMARY\\M\\ND\\NORM\\MOSAIC",
"Modality": "MR",
"AcquisitionDateTime": "20170405132043.530000",
"TotalReadoutTime": 0.016695075,
"SliceTiming": [0,
0.055,
0.1125,
0.17,
0.2275,
0.2825,
0.34,
0.3975,
0.455,
0.51,
0.5675,
0.625,
0.6825,
0.74,
0.795,
0.8525,
0.91,
0.9675,
1.0225,
1.08,
1.1375,
1.195,
1.25,
1.3075,
1.365,
1.4225],
"RepetitionTime": 1.5,
"PhaseEncodingDirection": "j-",
"EffectiveEchoSpacing": 0.00026500119,
"EchoTime": 0.027,
"PatientName": "sub-16",
"PatientSex": "F",
"PatientAge": "025Y",
"PatientSize": 1.58,
"PatientWeight": 54,
"PatientPosition": "HFS",
"SliceThickness": 4,
"FlipAngle": 90,
"Manufacturer": "SIEMENS",
"SoftwareVersion": "syngo MR D13",
"MRAcquisitionType": "2D",
"InstitutionName": "Hebrew University",
"DeviceSerialNumber": "45343",
"ScanningSequence": "EP",
"SequenceVariant": "SK",
"ScanOptions": "FS",
"SequenceName": "*epfid2d1_64",
"TaskName": "StartLip",
"InstitutionAddress": "Jerusalem_Israel"}