{"ConversionSoftware": "dicm2nii.m 20180116",
"SeriesNumber": 6,
"SeriesDescription": "TR1.5_282Vol_startToe",
"ImageType": "ORIGINAL\\PRIMARY\\M\\ND\\NORM\\MOSAIC",
"Modality": "MR",
"AcquisitionDateTime": "20170327124836.885000",
"TotalReadoutTime": 0.016695075,
"SliceTiming": [0,
0.0575,
0.1125,
0.17,
0.2275,
0.285,
0.34,
0.3975,
0.455,
0.5125,
0.5675,
0.625,
0.6825,
0.74,
0.7975,
0.8525,
0.91,
0.9675,
1.025,
1.08,
1.1375,
1.195,
1.2525,
1.3075,
1.365,
1.4225],
"RepetitionTime": 1.5,
"PhaseEncodingDirection": "j-",
"EffectiveEchoSpacing": 0.00026500119,
"EchoTime": 0.027,
"PatientName": "sub-20",
"PatientSex": "M",
"PatientAge": "026Y",
"PatientSize": 1.65,
"PatientWeight": 54,
"PatientPosition": "HFS",
"SliceThickness": 4,
"FlipAngle": 90,
"Manufacturer": "SIEMENS",
"SoftwareVersion": "syngo MR D13",
"MRAcquisitionType": "2D",
"InstitutionName": "Hebrew University",
"DeviceSerialNumber": "45343",
"ScanningSequence": "EP",
"SequenceVariant": "SK",
"ScanOptions": "FS",
"SequenceName": "*epfid2d1_64",
"TaskName": "StartToe",
"InstitutionAddress": "Jerusalem_Israel"}