{"ConversionSoftware": "dicm2nii.m 20180116",
"SeriesNumber": 5,
"SeriesDescription": "t1_mprage_32COIL",
"ImageType": "ORIGINAL\\PRIMARY\\M\\ND\\NORM",
"Modality": "MR",
"AcquisitionDateTime": "20170418133605.095000",
"RepetitionTime": 2.3,
"PhaseEncodingDirection": "y-",
"EchoTime": 0.00298,
"InversionTime": 0.9,
"PatientName": "sub-10",
"PatientSex": "F",
"PatientAge": "027Y",
"PatientSize": 1.57,
"PatientWeight": 62,
"PatientPosition": "HFS",
"SliceThickness": 1,
"FlipAngle": 9,
"Manufacturer": "SIEMENS",
"SoftwareVersion": "syngo MR D13",
"MRAcquisitionType": "3D",
"InstitutionName": "Hebrew University",
"DeviceSerialNumber": "45343",
"ScanningSequence": "GR\\IR",
"SequenceVariant": "SK\\SP\\MP",
"ScanOptions": "IR\\PFP",
"SequenceName": "*tfl3d1_16ns",
"InstitutionAddress": "Jerusalem_Israel"}