{"ConversionSoftware": "dicm2nii.m 20180116",
"SeriesNumber": 3,
"SeriesDescription": "TR1.5_282Vol_startLip",
"ImageType": "ORIGINAL\\PRIMARY\\M\\ND\\NORM\\MOSAIC",
"Modality": "MR",
"AcquisitionDateTime": "20170418144623.677500",
"TotalReadoutTime": 0.016695075,
"SliceTiming": [0,
0.0575,
0.115,
0.17,
0.2275,
0.285,
0.3425,
0.4,
0.455,
0.5125,
0.57,
0.6275,
0.6825,
0.74,
0.7975,
0.855,
0.91,
0.9675,
1.025,
1.0825,
1.14,
1.195,
1.2525,
1.31,
1.3675,
1.4225],
"RepetitionTime": 1.5,
"PhaseEncodingDirection": "j-",
"EffectiveEchoSpacing": 0.00026500119,
"EchoTime": 0.027,
"PatientName": "sub-11",
"PatientSex": "M",
"PatientAge": "030Y",
"PatientSize": 1.8,
"PatientWeight": 70,
"PatientPosition": "HFS",
"SliceThickness": 4,
"FlipAngle": 90,
"Manufacturer": "SIEMENS",
"SoftwareVersion": "syngo MR D13",
"MRAcquisitionType": "2D",
"InstitutionName": "Hebrew University",
"DeviceSerialNumber": "45343",
"ScanningSequence": "EP",
"SequenceVariant": "SK",
"ScanOptions": "FS",
"SequenceName": "*epfid2d1_64",
"TaskName": "StartLip",
"InstitutionAddress": "Jerusalem_Israel"}